# On branch master
# Changes not staged for commit:
#   (use "git add <file>..." to update what will be committed)
#   (use "git checkout -- <file>..." to discard changes in working directory)
#
#	modified:   Gemfile.lock
#
# Untracked files:
#   (use "git add <file>..." to include in what will be committed)
#
#	.bundle/
no changes added to commit (use "git add" and/or "git commit -a")
Elias-Macbook:aws_cloud_watch_monitor gelias$ cat Gemfile.lock 
GEM
  remote: https://rubygems.org/
  specs:
    aws-sdk (1.8.3.1)
      json (~> 1.4)
      nokogiri (>= 1.4.4)
      uuidtools (~> 2.1)
    diff-lcs (1.2.1)
    json (1.7.7)
    nokogiri (1.5.6)
    rspec (2.13.0)
      rspec-core (~> 2.13.0)
      rspec-expectations (~> 2.13.0)
      rspec-mocks (~> 2.13.0)
    rspec-core (2.13.0)
    rspec-expectations (2.13.0)
      diff-lcs (>= 1.1.3, < 2.0)
    rspec-mocks (2.13.0)
    uuidtools (2.1.3)

PLATFORMS
  ruby

DEPENDENCIES
  aws-sdk (= 1.8.3.1)
  json (= 1.7.7)
  rspec (= 2.13.0)
